GEM
  remote: http://rubygems.org/
  specs:
    addressable (2.8.1)
      public_suffix (>= 2.0.2, < 6.0)
    git (1.13.0)
      addressable (~> 2.8)
      rchardet (~> 1.8)
    json (1.5.3)
    mime-types (1.16)
    minitar (0.5.3)
    mustache (0.99.4)
    mysql (2.8.1)
    public_suffix (5.0.1)
    rchardet (1.8.0)
    rest-client (1.6.3)
      mime-types (>= 1.16)

PLATFORMS
  ruby

DEPENDENCIES
  git
  json
  minitar
  mustache
  mysql
  rest-client
