GEM
  remote: http://rubygems.org/
  specs:
    git (1.2.5)
    json (1.5.3)
    mime-types (1.16)
    minitar (0.6)
    mustache (0.99.4)
    mysql (2.8.1)
    rest-client (1.6.3)
      mime-types (>= 1.16)

PLATFORMS
  ruby

DEPENDENCIES
  git
  json
  minitar
  mustache
  mysql
  rest-client
